GEM
  remote: http://rubygems.org/
  specs:
    activesupport (3.0.3)
    builder (3.0.0)
    couchrest (1.0.1)
      json (>= 1.4.6)
      mime-types (>= 1.15)
      rest-client (>= 1.5.1)
    curb (0.7.8)
    fattr (2.2.0)
    feedzirra (0.0.24)
      activesupport (>= 2.3.8)
      builder (>= 2.1.2)
      curb (>= 0.2.3)
      loofah (>= 0.3.1)
      nokogiri (> 0.0.0)
      sax-machine (>= 0.0.12)
    i18n (0.4.2)
    json (1.4.6)
    loofah (1.0.0)
      nokogiri (>= 1.3.3)
    mime-types (1.16)
    nokogiri (1.4.2)
    rest-client (1.6.1)
      mime-types (>= 1.16)
    rush (0.6.7)
      session
    sax-machine (0.0.15)
      nokogiri (> 0.0.0)
    session (3.1.0)
      fattr

PLATFORMS
  ruby

DEPENDENCIES
  couchrest
  feedzirra
  i18n
  nokogiri (= 1.4.2)
  rush
